GIT
  remote: https://github.com/wagenet/ember-docs.git
  revision: b32c0cb5ceea286c755a17640cb7f6750543e71c
  specs:
    ember-docs (0.1)
      rack
      thor

GIT
  remote: https://github.com/wagenet/rake-pipeline-web-filters.git
  revision: 5e9762f58e3918ab8e4b0868444e5fe9b0b9d344
  branch: neuter
  specs:
    rake-pipeline-web-filters (0.6.0)
      rack
      rake-pipeline (~> 0.6)

GIT
  remote: https://github.com/wagenet/rake-pipeline.git
  revision: 7f0f4c0732dd5a46059188181ddb13e14e172982
  branch: additional-paths
  specs:
    rake-pipeline (0.6.0)
      rake (~> 0.9.0)
      thor

GEM
  remote: http://rubygems.org/
  specs:
    colored (1.2)
    confparser (0.0.2.1)
    execjs (1.2.13)
      multi_json (~> 1.0)
    faster_xml_simple (0.5.0)
      libxml-ruby (>= 0.3.8.4)
    github-upload (0.0.2)
      confparser
      net-github-upload (>= 0.0.6)
    httpclient (2.2.4)
    json (1.6.5)
    kicker (2.5.0)
      rb-fsevent
    libxml-ruby (2.2.2)
    multi_json (1.0.4)
    net-github-upload (0.0.8)
      faster_xml_simple
      httpclient
      json
      nokogiri (>= 1.4.0)
    nokogiri (1.5.2)
    rack (1.4.1)
    rake (0.9.2.2)
    rb-fsevent (0.9.0)
    thor (0.14.6)
    uglifier (1.0.4)
      execjs (>= 0.3.0)
      multi_json (>= 1.0.2)

PLATFORMS
  ruby

DEPENDENCIES
  colored
  ember-docs!
  github-upload
  kicker
  rack
  rake-pipeline!
  rake-pipeline-web-filters!
  uglifier (~> 1.0.3)
